PATH
  remote: .
  specs:
    health_fitness_deals (0.1.0)

GEM
  remote: https://rubygems.org/
  specs:

PLATFORMS
  ruby

DEPENDENCIES
  health_fitness_deals!

BUNDLED WITH
   1.16.2
